GEM
  remote: https://rubygems.org/
  remote: file:/Users/ptb/.gem/cache/
  specs:
    ast (2.3.0)
    parser (2.3.3.1)
      ast (~> 2.2)
    powerpack (0.1.1)
    rainbow (2.1.0)
    rake (12.0.0)
    rubocop (0.46.0)
      parser (>= 2.3.1.1, < 3.0)
      powerpack (~> 0.1)
      rainbow (>= 1.99.1, < 3.0)
      ruby-progressbar (~> 1.7)
      unicode-display_width (~> 1.0, >= 1.0.1)
    ruby-progressbar (1.8.1)
    slim (3.0.7)
      temple (~> 0.7.6)
      tilt (>= 1.3.3, < 2.1)
    slim_lint (0.10.0)
      rake (>= 10, < 13)
      rubocop (>= 0.36.0)
      slim (~> 3.0)
      sysexits (~> 1.1)
    sysexits (1.2.0)
    temple (0.7.7)
    tilt (2.0.5)
    unicode-display_width (1.1.2)

PLATFORMS
  ruby

DEPENDENCIES
  bundler (~> 1.13)
  rubocop (~> 0.46)
  slim (~> 3.0)
  slim_lint (~> 0.8)

RUBY VERSION
   ruby 2.3.3p222

BUNDLED WITH
   1.13.6
